GEM
  remote: http://rubygems.org/
  specs:
    hirb (0.4.3)
    nokogiri (1.4.4)
    wirble (0.1.3)

PLATFORMS
  ruby

DEPENDENCIES
  hirb
  nokogiri
  wirble
